GEM
  remote: https://rubygems.org/
  specs:
    csv (3.1.2)
    json (2.3.0)
    terminal-table (1.8.0)
      unicode-display_width (~> 1.1, >= 1.1.1)
    text-table (1.2.4)
    tty-font (0.5.0)
    unicode-display_width (1.6.1)

PLATFORMS
  ruby

DEPENDENCIES
  csv (~> 3.1)
  json (~> 2.3)
  terminal-table (~> 1.8)
  text-table (~> 1.2)
  tty-font (~> 0.5.0)

BUNDLED WITH
   2.1.4
