GEM
  remote: https://rubygems.org/
  specs:
    csv (3.1.2)
    terminal-table (1.8.0)
      unicode-display_width (~> 1.1, >= 1.1.1)
    text-table (1.2.4)
    unicode-display_width (1.6.1)

PLATFORMS
  ruby

DEPENDENCIES
  csv (~> 3.1)
  terminal-table (~> 1.8)
  text-table (~> 1.2)

BUNDLED WITH
   2.1.4
